FRAMEWORK: NET462
NUGET
  remote: https://www.nuget.org/api/v2
    FAKE (4.61.1)
    FSharp.Core (4.1.17) - redirects: force
      System.ValueTuple (>= 4.3)
    FsUnit (3.0)
      FSharp.Core (>= 3.1.2.5)
      NUnit (>= 3.6)
    NUnit (3.6)
    System.ValueTuple (4.3.1) - redirects: force
